GEM
  remote: https://rubygems.org/
  specs:
    ast (2.4.2)
    eim_xml (0.0.4)
    image_size (3.0.2)
    json (2.6.2)
    math_ml (0.14)
      eim_xml
    mecab (0.996)
    nokogiri (1.13.6-arm64-darwin)
      racc (~> 1.4)
    nokogiri (1.13.6-x86_64-linux)
      racc (~> 1.4)
    parallel (1.22.1)
    parser (3.1.2.0)
      ast (~> 2.4.1)
    pastel (0.8.0)
      tty-color (~> 0.5)
    psych (4.0.4)
      stringio
    racc (1.6.0)
    rainbow (3.1.1)
    rake (13.0.6)
    regexp_parser (2.5.0)
    review (5.5.0)
      image_size
      rexml
      rouge
      rubyzip
      tty-logger
    rexml (3.2.5)
    rouge (3.29.0)
    rubocop (1.31.1)
      json (~> 2.3)
      parallel (~> 1.10)
      parser (>= 3.1.0.0)
      rainbow (>= 2.2.2, < 4.0)
      regexp_parser (>= 1.8, < 3.0)
      rexml (>= 3.2.5, < 4.0)
      rubocop-ast (>= 1.18.0, < 2.0)
      ruby-progressbar (~> 1.7)
      unicode-display_width (>= 1.4.0, < 3.0)
    rubocop-ast (1.18.0)
      parser (>= 3.1.1.0)
    ruby-progressbar (1.11.0)
    rubyzip (2.3.2)
    stringio (3.0.2)
    tty-color (0.6.0)
    tty-logger (0.6.0)
      pastel (~> 0.8)
    unicode-display_width (2.2.0)

PLATFORMS
  arm64-darwin-21
  x86_64-linux

DEPENDENCIES
  math_ml
  mecab
  nokogiri
  psych
  rake
  review
  rexml
  rubocop
  rubyzip

BUNDLED WITH
   2.3.11
